GEM
  remote: http://rubygems.org/
  specs:
    backports (2.1.0)
    childprocess (0.1.8)
      ffi (~> 1.0.6)
    daemons (1.1.0)
    diff-lcs (1.1.2)
    eventmachine (0.12.10)
    ffi (1.0.7)
      rake (>= 0.8.7)
    monkey-lib (0.5.4)
      backports
    rack (1.2.2)
    rake (0.8.7)
    rspec (2.5.0)
      rspec-core (~> 2.5.0)
      rspec-expectations (~> 2.5.0)
      rspec-mocks (~> 2.5.0)
    rspec-core (2.5.1)
    rspec-expectations (2.5.0)
      diff-lcs (~> 1.1.2)
    rspec-mocks (2.5.0)
    sass (3.1.0.alpha.221)
    sinatra (1.2.3)
      rack (~> 1.1)
      tilt (>= 1.2.2, < 2.0)
    sinatra-activerecord (0.1.3)
      sinatra (>= 0.9.4)
    sinatra-advanced-routes (0.5.1)
      monkey-lib (~> 0.5.0)
      sinatra (~> 1.0)
      sinatra-sugar (~> 0.5.0)
    sinatra-reloader (0.5.0)
      sinatra (~> 1.0)
      sinatra-advanced-routes (~> 0.5.0)
    sinatra-sugar (0.5.0)
      monkey-lib (~> 0.5.0)
      sinatra (~> 1.0)
    slim (0.9.2)
      temple (~> 0.2.0)
      tilt (~> 1.2)
    slop (1.5.2)
    sqlite3 (1.3.3)
    temple (0.2.0)
    thin (1.2.11)
      daemons (>= 1.0.9)
      eventmachine (>= 0.12.6)
      rack (>= 1.0.0)
    tilt (1.2.2)

PLATFORMS
  ruby

DEPENDENCIES
  childprocess
  rspec
  sass
  sinatra (>= 1.2)
  sinatra-activerecord (= 0.1.3)
  sinatra-reloader
  slim
  slop
  sqlite3
  thin
